PATH
  remote: .
  specs:
    curlyq (0.0.16)
      gli (~> 2.21.0)
      nokogiri (~> 1.16.0)
      selenium-webdriver (~> 4.16.0)
      tty-which (~> 0.5.0)

GEM
  remote: https://rubygems.org/
  specs:
    gli (2.21.5)
    nokogiri (1.16.7-arm64-darwin)
      racc (~> 1.4)
    parallel (1.26.3)
    parallel_tests (3.13.0)
      parallel
    pastel (0.8.0)
      tty-color (~> 0.5)
    power_assert (2.0.4)
    racc (1.8.1)
    rake (13.2.1)
    rdoc (6.3.4.1)
    rexml (3.3.9)
    rubyzip (2.3.2)
    selenium-webdriver (4.16.0)
      rexml (~> 3.2, >= 3.2.5)
      rubyzip (>= 1.2.2, < 3.0)
      websocket (~> 1.0)
    strings-ansi (0.2.0)
    test-unit (3.4.9)
      power_assert
    tty-color (0.6.0)
    tty-cursor (0.7.1)
    tty-progressbar (0.18.2)
      strings-ansi (~> 0.2)
      tty-cursor (~> 0.7)
      tty-screen (~> 0.8)
      unicode-display_width (>= 1.6, < 3.0)
    tty-screen (0.8.2)
    tty-spinner (0.9.3)
      tty-cursor (~> 0.7)
    tty-which (0.5.0)
    unicode-display_width (2.6.0)
    websocket (1.2.11)
    yard (0.9.37)

PLATFORMS
  arm64-darwin-20
  x86_64-darwin-20

DEPENDENCIES
  curlyq!
  parallel_tests (~> 3.7, >= 3.7.3)
  pastel (~> 0.8.0)
  rake (~> 13.0, >= 13.0.1)
  rdoc (~> 6.3.1)
  test-unit (~> 3.4.4)
  tty-progressbar (~> 0.18, >= 0.18.2)
  tty-spinner (~> 0.9, >= 0.9.3)
  yard (~> 0.9, >= 0.9.26)

BUNDLED WITH
   2.2.29
