PATH
  remote: .
  specs:
    curlyq (0.0.3)
      gli (~> 2.21.0)
      nokogiri (~> 1.16.0)
      selenium-webdriver (~> 4.16.0)
      tty-which (~> 0.5.0)

GEM
  remote: https://rubygems.org/
  specs:
    gli (2.21.1)
    minitest (5.16.3)
    nokogiri (1.16.0-arm64-darwin)
      racc (~> 1.4)
    racc (1.7.3)
    rake (0.9.6)
    rdoc (4.3.0)
    rexml (3.2.6)
    rubyzip (2.3.2)
    selenium-webdriver (4.16.0)
      rexml (~> 3.2, >= 3.2.5)
      rubyzip (>= 1.2.2, < 3.0)
      websocket (~> 1.0)
    tty-which (0.5.0)
    websocket (1.2.10)
    yard (0.9.34)

PLATFORMS
  arm64-darwin-20

DEPENDENCIES
  curlyq!
  minitest (~> 5.14)
  rake (~> 0.9.2)
  rdoc (~> 4.3)
  yard (~> 0.9, >= 0.9.26)

BUNDLED WITH
   2.2.29
